GEM
  remote: https://rubygems.org/
  specs:
    json (1.8.6)
    oauth (0.5.5)

PLATFORMS
  ruby

DEPENDENCIES
  json
  oauth

BUNDLED WITH
   1.12.5
